GEM
  remote: https://rubygems.org/
  specs:
    ast (2.4.2)
    awesome_print (1.8.0)
    backport (1.1.2)
    benchmark (0.1.1)
    byebug (11.1.3)
    coderay (1.1.3)
    diff-lcs (1.4.4)
    e2mmap (0.1.0)
    jaro_winkler (1.5.4)
    kramdown (2.3.0)
      rexml
    kramdown-parser-gfm (1.1.0)
      kramdown (~> 2.0)
    method_source (1.0.0)
    multi_json (1.15.0)
    mustermann (1.1.1)
      ruby2_keywords (~> 0.0.1)
    nokogiri (1.11.1-x86_64-linux)
      racc (~> 1.4)
    parallel (1.20.1)
    parser (3.0.0.0)
      ast (~> 2.4.1)
    pry (0.13.1)
      coderay (~> 1.1)
      method_source (~> 1.0)
    pry-byebug (3.9.0)
      byebug (~> 11.0)
      pry (~> 0.13.0)
    racc (1.5.2)
    rack (2.2.3)
    rack-contrib (2.3.0)
      rack (~> 2.0)
    rack-protection (2.1.0)
      rack
    rainbow (3.0.0)
    regexp_parser (2.0.3)
    reverse_markdown (2.0.0)
      nokogiri
    rexml (3.2.4)
    rspec (3.10.0)
      rspec-core (~> 3.10.0)
      rspec-expectations (~> 3.10.0)
      rspec-mocks (~> 3.10.0)
    rspec-core (3.10.1)
      rspec-support (~> 3.10.0)
    rspec-expectations (3.10.1)
      diff-lcs (>= 1.2.0, < 2.0)
      rspec-support (~> 3.10.0)
    rspec-mocks (3.10.2)
      diff-lcs (>= 1.2.0, < 2.0)
      rspec-support (~> 3.10.0)
    rspec-support (3.10.2)
    rubocop (1.9.1)
      parallel (~> 1.10)
      parser (>= 3.0.0.0)
      rainbow (>= 2.2.2, < 4.0)
      regexp_parser (>= 1.8, < 3.0)
      rexml
      rubocop-ast (>= 1.2.0, < 2.0)
      ruby-progressbar (~> 1.7)
      unicode-display_width (>= 1.4.0, < 3.0)
    rubocop-ast (1.4.1)
      parser (>= 2.7.1.5)
    ruby-progressbar (1.11.0)
    ruby2_keywords (0.0.4)
    sinatra (2.1.0)
      mustermann (~> 1.0)
      rack (~> 2.2)
      rack-protection (= 2.1.0)
      tilt (~> 2.0)
    sinatra-contrib (2.1.0)
      multi_json
      mustermann (~> 1.0)
      rack-protection (= 2.1.0)
      sinatra (= 2.1.0)
      tilt (~> 2.0)
    sinatra-param (1.6.0)
      sinatra (>= 1.3)
    solargraph (0.40.2)
      backport (~> 1.1)
      benchmark
      bundler (>= 1.17.2)
      e2mmap
      jaro_winkler (~> 1.5)
      kramdown (~> 2.3)
      kramdown-parser-gfm (~> 1.1)
      parser (~> 3.0)
      reverse_markdown (>= 1.0.5, < 3)
      rubocop (>= 0.52)
      thor (~> 1.0)
      tilt (~> 2.0)
      yard (~> 0.9, >= 0.9.24)
    sorbet-runtime (0.5.6274)
    thor (1.1.0)
    tilt (2.0.10)
    unicode-display_width (2.0.0)
    vcr (6.0.0)
    yard (0.9.26)

PLATFORMS
  ruby

DEPENDENCIES
  awesome_print
  pry
  pry-byebug
  rack-contrib
  rspec
  sinatra
  sinatra-contrib
  sinatra-param
  solargraph
  sorbet-runtime
  vcr

BUNDLED WITH
   2.1.4
